PATH
  remote: .
  specs:
    ssh-config (0.1.4)

GEM
  remote: https://rubygems.org/
  specs:
    diff-lcs (1.4.4)
    docile (1.3.4)
    rspec-core (3.7.0)
      rspec-support (~> 3.7.0)
    rspec-expectations (3.7.0)
      diff-lcs (>= 1.2.0, < 2.0)
      rspec-support (~> 3.7.0)
    rspec-support (3.7.1)
    simplecov (0.20.0)
      docile (~> 1.1)
      simplecov-html (~> 0.11)
      simplecov_json_formatter (~> 0.1)
    simplecov-html (0.12.3)
    simplecov_json_formatter (0.1.2)

PLATFORMS
  ruby

DEPENDENCIES
  rspec-core (= 3.7)
  rspec-expectations (= 3.7)
  simplecov (= 0.20.0)
  ssh-config!

BUNDLED WITH
   1.17.3
